GEM
  remote: https://rubygems.org/
  specs:
    allure-rspec (0.8.0)
      allure-ruby-adaptor-api (= 0.7.0)
      rspec (~> 3.5)
    allure-ruby-adaptor-api (0.7.0)
      mimemagic
      nokogiri (~> 1.7)
      uuid
    ast (2.3.0)
    childprocess (0.8.0)
      ffi (~> 1.0, >= 1.0.11)
    coderay (1.1.2)
    concurrent-ruby (1.0.5)
    data_magic (1.2)
      faker (>= 1.1.2)
      yml_reader (>= 0.6)
    diff-lcs (1.3)
    faker (1.8.4)
      i18n (~> 0.5)
    ffi (1.9.18)
    i18n (0.9.1)
      concurrent-ruby (~> 1.0)
    log4r (1.1.10)
    macaddr (1.7.1)
      systemu (~> 2.6.2)
    method_source (0.9.0)
    mimemagic (0.3.2)
    mini_portile2 (2.3.0)
    nokogiri (1.8.1)
      mini_portile2 (~> 2.3.0)
    page-object (2.2.4)
      page_navigation (>= 0.10)
      selenium-webdriver (~> 3.0)
      watir (~> 6.8)
    page_navigation (0.10)
      data_magic (>= 0.22)
    parallel (1.12.0)
    parallel_tests (2.19.0)
      parallel
    parser (2.4.0.2)
      ast (~> 2.3)
    power_assert (1.1.1)
    powerpack (0.1.1)
    pry (0.11.3)
      coderay (~> 1.1.0)
      method_source (~> 0.9.0)
    rainbow (2.2.2)
      rake
    rake (12.3.0)
    rspec (3.7.0)
      rspec-core (~> 3.7.0)
      rspec-expectations (~> 3.7.0)
      rspec-mocks (~> 3.7.0)
    rspec-core (3.7.0)
      rspec-support (~> 3.7.0)
    rspec-expectations (3.7.0)
      diff-lcs (>= 1.2.0, < 2.0)
      rspec-support (~> 3.7.0)
    rspec-mocks (3.7.0)
      diff-lcs (>= 1.2.0, < 2.0)
      rspec-support (~> 3.7.0)
    rspec-support (3.7.0)
    rubocop (0.51.0)
      parallel (~> 1.10)
      parser (>= 2.3.3.1, < 3.0)
      powerpack (~> 0.1)
      rainbow (>= 2.2.2, < 3.0)
      ruby-progressbar (~> 1.7)
      unicode-display_width (~> 1.0, >= 1.0.1)
    ruby-progressbar (1.9.0)
    rubyzip (1.2.1)
    selenium-webdriver (3.7.0)
      childprocess (~> 0.5)
      rubyzip (~> 1.0)
    systemu (2.6.5)
    test-unit (3.2.6)
      power_assert
    unicode-display_width (1.3.0)
    uuid (2.3.8)
      macaddr (~> 1.0)
    watir (6.9.1)
      selenium-webdriver (~> 3.4, >= 3.4.1)
    yml_reader (0.7)

PLATFORMS
  ruby

DEPENDENCIES
  allure-rspec
  log4r
  page-object
  parallel_tests
  pry
  rake
  rspec
  rubocop
  selenium-webdriver
  test-unit

BUNDLED WITH
   1.16.0
